PATH
  remote: .
  specs:
    ots_service (0.1.0)
      onetime

GEM
  remote: https://rubygems.org/
  specs:
    byebug (11.0.1)
    coderay (1.1.2)
    diff-lcs (1.3)
    drydock (0.6.9)
    httparty (0.17.1)
      mime-types (~> 3.0)
      multi_xml (>= 0.5.2)
    json (2.3.1)
    method_source (0.9.2)
    mime-types (3.3)
      mime-types-data (~> 3.2015)
    mime-types-data (3.2019.1009)
    multi_xml (0.6.0)
    onetime (0.5.1)
      drydock (>= 0.6.9)
      httparty (>= 0.7.7)
      json (>= 1.6.8)
    pry (0.11.3)
      coderay (~> 1.1.0)
      method_source (~> 0.9.0)
    pry-byebug (3.7.0)
      byebug (~> 11.0)
      pry (~> 0.10)
    rake (10.5.0)
    rspec (3.9.0)
      rspec-core (~> 3.9.0)
      rspec-expectations (~> 3.9.0)
      rspec-mocks (~> 3.9.0)
    rspec-core (3.9.0)
      rspec-support (~> 3.9.0)
    rspec-expectations (3.9.0)
      diff-lcs (>= 1.2.0, < 2.0)
      rspec-support (~> 3.9.0)
    rspec-mocks (3.9.0)
      diff-lcs (>= 1.2.0, < 2.0)
      rspec-support (~> 3.9.0)
    rspec-support (3.9.0)

PLATFORMS
  ruby

DEPENDENCIES
  bundler (~> 1.17)
  ots_service!
  pry (~> 0.11.3)
  pry-byebug
  rake (~> 10.0)
  rspec (~> 3.0)

BUNDLED WITH
   1.17.3
