GEM
  remote: https://rubygems.org/
  specs:
    drydock (0.6.9)
    httparty (0.17.1)
      mime-types (~> 3.0)
      multi_xml (>= 0.5.2)
    json (2.2.0)
    mime-types (3.3)
      mime-types-data (~> 3.2015)
    mime-types-data (3.2019.1009)
    multi_xml (0.6.0)
    onetime (0.5.1)
      drydock (>= 0.6.9)
      httparty (>= 0.7.7)
      json (>= 1.6.8)

PLATFORMS
  ruby

DEPENDENCIES
  onetime

BUNDLED WITH
   1.17.3
